GEM
  remote: https://rubygems.org/
  specs:
    mini_portile2 (2.1.0)
    minitest (5.9.0)
    nokogiri (1.6.8.1)
      mini_portile2 (~> 2.1.0)
    open_uri_redirections (0.2.1)
    redis (3.3.1)
    zip (2.0.2)

PLATFORMS
  ruby

DEPENDENCIES
  minitest
  nokogiri
  open_uri_redirections
  redis
  zip

BUNDLED WITH
   1.11.2
